{
    "Modality": "MR",
    "MagneticFieldStrength": 3,
    "ImagingFrequency": 127.758957,
    "Manufacturer": "Philips",
    "ManufacturersModelName": "Ingenia",
    "InstitutionName": "CENTRAL INSTITUTE OF PSYCHIATRY",
    "InstitutionalDepartmentName": "RADIOLOGY",
    "InstitutionAddress": "RANCHI",
    "DeviceSerialNumber": "71357",
    "StationName": "HOST-0ALS4TLMH7",
    "BodyPartExamined": "BRAIN",
    "PatientPosition": "HFS",
    "ProcedureStepDescription": "FMRI_BIT",
    "SoftwareVersions": "5.3.1\\5.3.1.4",
    "MRAcquisitionType": "2D",
    "SeriesDescription": "FE_EPI_REST",
    "ProtocolName": "FE_EPI_REST",
    "ScanningSequence": "GR",
    "SequenceVariant": "SK",
    "ScanOptions": "FS",
    "PulseSequenceName": "FEEPI",
    "ImageType": [
        "ORIGINAL",
        "PRIMARY",
        "T2",
        "NONE"
    ],
    "SeriesNumber": 301,
    "AcquisitionTime": "14:50:34.090000",
    "AcquisitionNumber": 3,
    "PhilipsRescaleSlope": 0.827106,
    "PhilipsRescaleIntercept": 0,
    "PhilipsScaleSlope": 0.0220947,
    "UsePhilipsFloatNotDisplayScaling": 1,
    "SliceThickness": 4,
    "SpacingBetweenSlices": 4,
    "EchoTime": 0.035,
    "RepetitionTime": 2.03015,
    "MTState": false,
    "FlipAngle": 90,
    "CoilString": "MULTI COIL",
    "PercentPhaseFOV": 100,
    "PercentSampling": 101.389,
    "EchoTrainLength": 23,
    "PhaseEncodingSteps": 69,
    "FrequencyEncodingSteps": 72,
    "PhaseEncodingStepsOutOfPlane": 1,
    "AcquisitionMatrixPE": 69,
    "ReconMatrixPE": 96,
    "ParallelReductionFactorInPlane": 3,
    "ParallelAcquisitionTechnique": "SENSE",
    "WaterFatShift": 5.84433,
    "EstimatedEffectiveEchoSpacing": 0.000135724,
    "EstimatedTotalReadoutTime": 0.0128938,
    "PixelBandwidth": 2262.32,
    "PhaseEncodingAxis": "j",
    "ImageOrientationPatientDICOM": [
        0.995841,
        0.0896657,
        -0.0161198,
        -0.0896908,
        0.995969,
        -0.000841523
    ],
    "InPlanePhaseEncodingDirectionDICOM": "COL",
    "BidsGuess": [
        "func",
        "_acq-SKGRFEEPIp30_run-301_bold"
    ],
    "ConversionSoftware": "dcm2niix",
    "ConversionSoftwareVersion": "v1.0.20240202",
    "TaskName": "rest",
    "SliceTiming": [
        0.0,
        0.05334131578947368,
        0.10668263157894736,
        0.16002394736842104,
        0.21336526315789472,
        0.2667065789473684,
        0.3200478947368421,
        0.3733892105263158,
        0.42673052631578945,
        0.4800718421052631,
        0.5334131578947368,
        0.5867544736842105,
        0.6400957894736842,
        0.6934371052631578,
        0.7467784210526316,
        0.8001197368421052,
        0.8534610526315789,
        0.9068023684210526,
        0.9601436842105262,
        1.013485,
        1.0668263157894735,
        1.1201676315789473,
        1.173508947368421,
        1.2268502631578946,
        1.2801915789473683,
        1.3335328947368421,
        1.3868742105263157,
        1.4402155263157894,
        1.4935568421052632,
        1.5468981578947367,
        1.6002394736842105,
        1.653580789473684,
        1.7069221052631578,
        1.7602634210526316,
        1.813604736842105,
        1.8669460526315789,
        1.9202873684210524,
        1.9736286842105262
    ]
}