{
	"Modality": "MR",
	"MagneticFieldStrength": 3,
	"ImagingFrequency": 127.759058,
	"Manufacturer": "Philips",
	"ManufacturersModelName": "Ingenia",
	"InstitutionName": "CENTRAL INSTITUTE OF PSYCHIATRY",
	"InstitutionalDepartmentName": "RADIOLOGY",
	"InstitutionAddress": "RANCHI",
	"DeviceSerialNumber": "71357",
	"StationName": "HOST-0ALS4TLMH7",
	"BodyPartExamined": "BRAIN",
	"PatientPosition": "HFS",
	"ProcedureStepDescription": "FMRI_BIT",
	"SoftwareVersions": "5.3.1\\5.3.1.4",
	"MRAcquisitionType": "3D",
	"SeriesDescription": "T1w",
	"ProtocolName": "WIP T1w",
	"ScanningSequence": "GR",
	"SequenceVariant": "MP",
	"ScanOptions": "OTHER",
	"PulseSequenceName": "T1TFE",
	"ImageType": ["ORIGINAL", "PRIMARY", "T1", "NONE"],
	"SeriesNumber": 201,
	"AcquisitionTime": "15:56:5.370000",
	"AcquisitionNumber": 2,
	"PhilipsRescaleSlope": 4.14481,
	"PhilipsRescaleIntercept": 0,
	"PhilipsScaleSlope": 0.00343672,
	"UsePhilipsFloatNotDisplayScaling": 1,
	"SliceThickness": 1,
	"SpacingBetweenSlices": 1,
	"EchoTime": 0.002944,
	"RepetitionTime": 0.0065162,
	"MTState": false,
	"SpoilingState": true,
	"SpoilingType": "COMBINED",
	"FlipAngle": 9,
	"CoilString": "MULTI COIL",
	"PercentPhaseFOV": 100,
	"PercentSampling": 100,
	"EchoTrainLength": 256,
	"PhaseEncodingSteps": 256,
	"FrequencyEncodingSteps": 256,
	"PhaseEncodingStepsOutOfPlane": 192,
	"AcquisitionMatrixPE": 256,
	"ReconMatrixPE": 256,
	"ParallelAcquisitionTechnique": "SENSE",
	"ParallelReductionFactorOutOfPlane": 2,
	"WaterFatShift": 1.6013,
	"EstimatedEffectiveEchoSpacing": 1.44002e-05,
	"EstimatedTotalReadoutTime": 0.00367206,
	"AcquisitionDuration": 339.242,
	"PixelBandwidth": 271.267,
	"PhaseEncodingAxis": "i",
	"ImageOrientationPatientDICOM": [
		-0.00426862,
		0.999983,
		-0.00398748,
		0.0171957,
		-0.00391352,
		-0.999844	],
	"InPlanePhaseEncodingDirectionDICOM": "ROW",
	"BidsGuess": ["anat","_acq-MPGRT1TFE_run-201_T1w"],
	"ConversionSoftware": "dcm2niix",
	"ConversionSoftwareVersion": "v1.0.20240202"
}
